GEM
  remote: http://rubygems.org/
  specs:
    activemodel (3.0.0)
      activesupport (= 3.0.0)
      builder (~> 2.1.2)
      i18n (~> 0.4.1)
    activesupport (3.0.0)
    builder (2.1.2)
    columnize (0.3.1)
    diff-lcs (1.1.2)
    i18n (0.4.1)
    linecache (0.43)
    log_buddy (0.5.0)
    rake (0.8.7)
    rspec (1.3.0)
    ruby-debug (0.10.3)
      columnize (>= 0.1)
      ruby-debug-base (~> 0.10.3.0)
    ruby-debug-base (0.10.3)
      linecache (>= 0.3)
    simple_uuid (0.1.1)
    timecop (0.3.5)
    tzinfo (0.3.23)

PLATFORMS
  ruby

DEPENDENCIES
  activemodel (= 3)
  activesupport (= 3)
  diff-lcs
  log_buddy
  rake
  rspec
  ruby-debug
  simple_uuid
  timecop
  tzinfo
