GIT
  remote: git@github.com:newtoy/adapter.git
  revision: ff2952f6fffb38085d4d3150794a4106e96b5454
  specs:
    adapter (0.1)

PATH
  remote: .
  specs:
    toystore (0.0.1)
      activemodel (= 3)
      activesupport (= 3)
      simple_uuid

GEM
  remote: http://rubygems.org/
  specs:
    SystemTimer (1.2)
    activemodel (3.0.0)
      activesupport (= 3.0.0)
      builder (~> 2.1.2)
      i18n (~> 0.4.1)
    activesupport (3.0.0)
    builder (2.1.2)
    diff-lcs (1.1.2)
    i18n (0.4.1)
    log_buddy (0.5.0)
    memcached (1)
    rake (0.8.7)
    redis (2.0.11)
    rspec (1.3.0)
    simple_uuid (0.1.1)
    timecop (0.3.5)
    tzinfo (0.3.23)

PLATFORMS
  ruby

DEPENDENCIES
  SystemTimer
  activemodel (= 3)
  activesupport (= 3)
  adapter!
  diff-lcs
  log_buddy
  memcached
  rake
  redis
  rspec (= 1.3.0)
  simple_uuid
  timecop
  toystore!
  tzinfo
