GEM
  remote: http://rubygems.org/
  specs:
    activemodel (3.0.0)
      activesupport (= 3.0.0)
      builder (~> 2.1.2)
      i18n (~> 0.4.1)
    activesupport (3.0.0)
    bson (1.0.7)
    builder (2.1.2)
    diff-lcs (1.1.2)
    i18n (0.4.1)
    log_buddy (0.5.0)
    mongo (1.0.8)
      bson (>= 1.0.5)
    redis (2.0.6)
    rspec (1.3.0)
    simple_uuid (0.1.1)
    timecop (0.3.5)
    tzinfo (0.3.23)

PLATFORMS
  ruby

DEPENDENCIES
  activemodel (= 3)
  activesupport (= 3)
  diff-lcs
  log_buddy
  mongo
  redis
  rspec
  simple_uuid
  timecop
  tzinfo
