GIT
  remote: git@github.com:newtoy/adapter.git
  revision: df33e0a9fc51a8fe298bc803f6472bf9c03b32bb
  specs:
    adapter (0.1)

GEM
  remote: http://rubygems.org/
  specs:
    activemodel (3.0.0)
      activesupport (= 3.0.0)
      builder (~> 2.1.2)
      i18n (~> 0.4.1)
    activesupport (3.0.0)
    builder (2.1.2)
    diff-lcs (1.1.2)
    i18n (0.4.1)
    log_buddy (0.5.0)
    rake (0.8.7)
    rspec (1.3.0)
    simple_uuid (0.1.1)
    timecop (0.3.5)
    tzinfo (0.3.23)

PLATFORMS
  ruby

DEPENDENCIES
  activemodel (= 3)
  activesupport (= 3)
  adapter!
  diff-lcs
  log_buddy
  rake
  rspec
  simple_uuid
  timecop
  tzinfo
